GIT
  remote: git://github.com/spree/endpoint_base.git
  revision: a789c1e1ccd59438a469d8945fc0c3412f0549db
  specs:
    endpoint_base (2.0)
      active_support
      json
      sinatra (= 1.4.3)
      sinatra-contrib

GEM
  remote: https://rubygems.org/
  specs:
    active_support (3.0.0)
      activesupport (= 3.0.0)
    activesupport (3.0.0)
    backports (3.3.3)
    eventmachine (1.0.3)
    json (1.8.0)
    rack (1.5.2)
    rack-protection (1.5.0)
      rack
    rack-test (0.6.2)
      rack (>= 1.0)
    sinatra (1.4.3)
      rack (~> 1.4)
      rack-protection (~> 1.4)
      tilt (~> 1.3, >= 1.3.4)
    sinatra-contrib (1.4.0)
      backports (>= 2.0)
      eventmachine
      rack-protection
      rack-test
      sinatra (~> 1.4.2)
      tilt (~> 1.3)
    tilt (1.4.1)

PLATFORMS
  ruby

DEPENDENCIES
  endpoint_base!
  rack
  sinatra
  sinatra-contrib
